GEM
  remote: https://rubygems.org/
  specs:
    liquid (3.0.6)
    mini_portile2 (2.1.0)
    nokogiri (1.6.8-java)
    nokogiri (1.6.8-x64-mingw32)
      mini_portile2 (~> 2.1.0)
      pkg-config (~> 1.1.7)
    pkg-config (1.1.7)

PLATFORMS
  java
  x64-mingw32

DEPENDENCIES
  liquid (= 3.0.6)
  nokogiri (= 1.6.8)

BUNDLED WITH
   1.13.6
